GEM
  remote: https://rubygems.org/
  specs:
    actionmailer (4.2.0.rc3)
      actionpack (= 4.2.0.rc3)
      actionview (= 4.2.0.rc3)
      activejob (= 4.2.0.rc3)
      mail (~> 2.5, >= 2.5.4)
      rails-dom-testing (~> 1.0, >= 1.0.5)
    actionpack (4.2.0.rc3)
      actionview (= 4.2.0.rc3)
      activesupport (= 4.2.0.rc3)
      rack (~> 1.6.0.beta2)
      rack-test (~> 0.6.2)
      rails-dom-testing (~> 1.0, >= 1.0.5)
      rails-html-sanitizer (~> 1.0, >= 1.0.1)
    actionview (4.2.0.rc3)
      activesupport (= 4.2.0.rc3)
      builder (~> 3.1)
      erubis (~> 2.7.0)
      rails-dom-testing (~> 1.0, >= 1.0.5)
      rails-html-sanitizer (~> 1.0, >= 1.0.1)
    active_record_query_trace (1.5.4)
    activejob (4.2.0.rc3)
      activesupport (= 4.2.0.rc3)
      globalid (>= 0.3.0)
    activemodel (4.2.0.rc3)
      activesupport (= 4.2.0.rc3)
      builder (~> 3.1)
    activerecord (4.2.0.rc3)
      activemodel (= 4.2.0.rc3)
      activesupport (= 4.2.0.rc3)
      arel (~> 6.0)
    activesupport (4.2.0.rc3)
      i18n (>= 0.7.0.beta1, < 0.8)
      json (~> 1.7, >= 1.7.7)
      minitest (~> 5.1)
      thread_safe (~> 0.1)
      tzinfo (~> 1.1)
    arel (6.0.3)
    autoprefixer-rails (6.3.6)
      execjs
    bcrypt (3.1.11)
    bcrypt (3.1.11-x86-mingw32)
    binding_of_caller (0.7.2)
      debug_inspector (>= 0.0.1)
    bootstrap-sass (3.3.6)
      autoprefixer-rails (>= 5.2.1)
      sass (>= 3.3.4)
    bootstrap3-datetimepicker-rails (4.17.37)
      momentjs-rails (>= 2.8.1)
    browser (2.2.0)
    builder (3.2.2)
    bullet (5.5.0)
      activesupport (>= 3.0.0)
      uniform_notifier (~> 1.10.0)
    byebug (8.2.5)
    coffee-rails (4.1.1)
      coffee-script (>= 2.2.0)
      railties (>= 4.0.0, < 5.1.x)
    coffee-script (2.4.1)
      coffee-script-source
      execjs
    coffee-script-source (1.10.0)
    concurrent-ruby (1.0.2)
    connection_pool (2.2.0)
    debug_inspector (0.0.2)
    devise (4.0.1)
      bcrypt (~> 3.0)
      orm_adapter (~> 0.1)
      railties (>= 4.1.0, < 5.1)
      responders
      warden (~> 1.2.3)
    devise_masquerade (0.1.8)
      devise (>= 2.1.0)
      railties (>= 3.0)
    domain_name (0.5.20160615)
      unf (>= 0.0.5, < 1.0.0)
    erubis (2.7.0)
    execjs (2.6.0)
    ffi (1.9.14-x86-mingw32)
    font-awesome-rails (4.6.3.0)
      railties (>= 3.2, < 5.1)
    frontend-generators (0.1.1)
      rainbow (= 2.0.0)
      turf (= 0.0.5)
    globalid (0.3.6)
      activesupport (>= 4.1.0)
    haml (4.0.7)
      tilt
    http-cookie (1.0.2)
      domain_name (~> 0.5)
    i18n (0.7.0)
    jbuilder (2.4.1)
      activesupport (>= 3.0.0, < 5.1)
      multi_json (~> 1.2)
    jquery-rails (4.0.1)
      rails-dom-testing (~> 1.0)
      railties (>= 4.2.0.beta)
      thor (>= 0.14, < 2.0)
    jquery-turbolinks (0.2.1)
      rails (>= 3.1.0)
    jquery-ui-rails (5.0.5)
      railties (>= 3.2.16)
    json (1.8.6)
    kaminari (0.17.0)
      actionpack (>= 3.0.0)
      activesupport (>= 3.0.0)
    loofah (2.0.3)
      nokogiri (>= 1.5.9)
    mail (2.6.4)
      mime-types (>= 1.16, < 4)
    mime-types (3.0)
      mime-types-data (~> 3.2015)
    mime-types-data (3.2016.0221)
    mini_portile2 (2.0.0)
    minitest (5.8.4)
    momentjs-rails (2.11.0)
      railties (>= 3.1)
    multi_json (1.12.0)
    nested_form (0.3.2)
    netrc (0.11.0)
    newrelic_rpm (3.18.0.329)
    nokogiri (1.6.7.2)
      mini_portile2 (~> 2.0.0.rc2)
    nokogiri (1.6.7.2-x86-mingw32)
      mini_portile2 (~> 2.0.0.rc2)
    orm_adapter (0.5.0)
    pdf-core (0.4.0)
    pg (0.21.0)
    pg (0.21.0-x86-mingw32)
    prawn (1.3.0)
      pdf-core (~> 0.4.0)
      ttfunk (~> 1.4.0)
    prawn-table (0.2.2)
      prawn (>= 1.3.0, < 3.0.0)
    puma (3.4.0)
    rack (1.6.4)
    rack-pjax (0.8.0)
      nokogiri (~> 1.5)
      rack (~> 1.1)
    rack-protection (1.5.3)
      rack
    rack-test (0.6.3)
      rack (>= 1.0)
    rails (4.2.0.rc3)
      actionmailer (= 4.2.0.rc3)
      actionpack (= 4.2.0.rc3)
      actionview (= 4.2.0.rc3)
      activejob (= 4.2.0.rc3)
      activemodel (= 4.2.0.rc3)
      activerecord (= 4.2.0.rc3)
      activesupport (= 4.2.0.rc3)
      bundler (>= 1.3.0, < 2.0)
      railties (= 4.2.0.rc3)
      sprockets-rails
    rails-deprecated_sanitizer (1.0.3)
      activesupport (>= 4.2.0.alpha)
    rails-dom-testing (1.0.7)
      activesupport (>= 4.2.0.beta, < 5.0)
      nokogiri (~> 1.6.0)
      rails-deprecated_sanitizer (>= 1.0.1)
    rails-html-sanitizer (1.0.3)
      loofah (~> 2.0)
    rails_12factor (0.0.3)
      rails_serve_static_assets
      rails_stdout_logging
    rails_admin (0.8.1)
      builder (~> 3.1)
      coffee-rails (~> 4.0)
      font-awesome-rails (>= 3.0, < 5)
      haml (~> 4.0)
      jquery-rails (>= 3.0, < 5)
      jquery-ui-rails (~> 5.0)
      kaminari (~> 0.14)
      nested_form (~> 0.3)
      rack-pjax (~> 0.7)
      rails (~> 4.0)
      remotipart (~> 1.0)
      safe_yaml (~> 1.0)
      sass-rails (>= 4.0, < 6)
    rails_serve_static_assets (0.0.4)
    rails_stdout_logging (0.0.3)
    railties (4.2.0.rc3)
      actionpack (= 4.2.0.rc3)
      activesupport (= 4.2.0.rc3)
      rake (>= 0.8.7)
      thor (>= 0.18.1, < 2.0)
    rainbow (2.0.0)
    rake (11.1.2)
    rdoc (4.2.2)
      json (~> 1.4)
    recaptcha (4.3.1)
      json
    receipts (0.1.3)
      prawn (~> 1.3.0)
      prawn-table (~> 0.2.1)
    redis (3.3.1)
    remotipart (1.2.1)
    responders (2.0.2)
      railties (>= 4.2.0.alpha, < 5)
    rest-client (2.0.0)
      http-cookie (>= 1.0.2, < 2.0)
      mime-types (>= 1.16, < 4.0)
      netrc (~> 0.8)
    rest-client (2.0.0-x86-mingw32)
      ffi (~> 1.9)
      http-cookie (>= 1.0.2, < 2.0)
      mime-types (>= 1.16, < 4.0)
      netrc (~> 0.8)
    safe_yaml (1.0.4)
    sass (3.4.22)
    sass-rails (5.0.4)
      railties (>= 4.0.0, < 5.0)
      sass (~> 3.1)
      sprockets (>= 2.8, < 4.0)
      sprockets-rails (>= 2.0, < 4.0)
      tilt (>= 1.1, < 3)
    sdoc (0.4.1)
      json (~> 1.7, >= 1.7.7)
      rdoc (~> 4.0)
    sidekiq (4.2.2)
      concurrent-ruby (~> 1.0)
      connection_pool (~> 2.2, >= 2.2.0)
      rack-protection (~> 1.5)
      redis (~> 3.2, >= 3.2.1)
    sprockets (3.6.0)
      concurrent-ruby (~> 1.0)
      rack (> 1, < 3)
    sprockets-rails (3.0.4)
      actionpack (>= 4.0)
      activesupport (>= 4.0)
      sprockets (>= 3.0.0)
    sqlite3 (1.3.11)
    sqlite3 (1.3.11-x86-mingw32)
    stripe (1.48.0)
      rest-client (>= 1.4, < 3.0)
    stripe_event (1.5.0)
      activesupport (>= 3.1)
      stripe (~> 1.6)
    thor (0.19.1)
    thread_safe (0.3.5)
    tilt (2.0.2)
    ttfunk (1.4.0)
    turbolinks (2.5.3)
      coffee-rails
    turf (0.0.5)
    tzinfo (1.2.2)
      thread_safe (~> 0.1)
    tzinfo-data (1.2016.4)
      tzinfo (>= 1.0.0)
    uglifier (3.0.0)
      execjs (>= 0.3.0, < 3)
    unf (0.1.4)
      unf_ext
    unf_ext (0.0.7.2)
    unf_ext (0.0.7.2-x86-mingw32)
    uniform_notifier (1.10.0)
    warden (1.2.6)
      rack (>= 1.0)
    web-console (2.3.0)
      activemodel (>= 4.0)
      binding_of_caller (>= 0.7.2)
      railties (>= 4.0)
      sprockets-rails (>= 2.0, < 4.0)
    zeroclipboard-rails (0.1.2)
      railties (>= 3.1)

PLATFORMS
  ruby
  x86-mingw32

DEPENDENCIES
  active_record_query_trace
  bootstrap-sass (~> 3.3, >= 3.3.6)
  bootstrap3-datetimepicker-rails (~> 4.17.37)
  browser (~> 2.2)
  bullet
  byebug
  coffee-rails (~> 4.1.0)
  devise (~> 4.0, >= 4.0.1)
  devise_masquerade (~> 0.1.7)
  frontend-generators
  jbuilder (~> 2.0)
  jquery-rails
  jquery-turbolinks
  jquery-ui-rails
  momentjs-rails (>= 2.9.0)
  newrelic_rpm
  pg (~> 0.21.0)
  puma (~> 3.4)
  rails (= 4.2.0.rc3)
  rails_12factor
  rails_admin
  recaptcha
  receipts (~> 0.1.3)
  sass-rails (~> 5.0)
  sdoc (~> 0.4.0)
  sidekiq
  sqlite3
  stripe (~> 1.48)
  stripe_event (~> 1.5)
  turbolinks
  tzinfo-data
  uglifier (>= 1.3.0)
  web-console (~> 2.0)
  zeroclipboard-rails (~> 0.1.2)

RUBY VERSION
   ruby 2.3.3p222

BUNDLED WITH
   1.14.2
